GIT
  remote: git://github.com/musicglue/shoryuken.git
  revision: 4dfc294b457bd60b4b8b683a9e1c4b0e2c6204cf
  branch: worker-registry
  specs:
    shoryuken (0.0.4)
      aws-sdk-core
      aws-sdk-resources
      celluloid (~> 0.16.0)

PATH
  remote: .
  specs:
    ehonda (1.0.0)
      retryable
      shoryuken

GEM
  remote: https://rubygems.org/
  specs:
    ast (2.0.0)
    astrolabe (1.3.0)
      parser (>= 2.2.0.pre.3, < 3.0)
    awesome_print (1.6.1)
    aws-sdk-core (2.0.17)
      builder (~> 3.0)
      jmespath (~> 1.0)
      multi_json (~> 1.0)
      multi_xml (~> 0.5)
    aws-sdk-resources (2.0.17.pre)
      aws-sdk-core (= 2.0.17)
    builder (3.2.2)
    byebug (3.5.1)
      columnize (~> 0.8)
      debugger-linecache (~> 1.2)
      slop (~> 3.6)
    celluloid (0.16.0)
      timers (~> 4.0.0)
    coderay (1.1.0)
    columnize (0.9.0)
    debugger-linecache (1.2.0)
    ffi (1.9.6)
    formatador (0.2.5)
    guard (2.10.5)
      formatador (>= 0.2.4)
      listen (~> 2.7)
      lumberjack (~> 1.0)
      nenv (~> 0.1)
      pry (>= 0.9.12)
      thor (>= 0.18.1)
    guard-minitest (2.3.2)
      guard (~> 2.0)
      minitest (>= 3.0)
    guard-rubocop (1.2.0)
      guard (~> 2.0)
      rubocop (~> 0.20)
    hitimes (1.2.2)
    jmespath (1.0.2)
      multi_json (~> 1.0)
    listen (2.8.4)
      celluloid (>= 0.15.2)
      rb-fsevent (>= 0.9.3)
      rb-inotify (>= 0.9)
    lumberjack (1.0.9)
    metaclass (0.0.4)
    method_source (0.8.2)
    minitest (5.5.0)
    minitest-focus (1.1.0)
      minitest (>= 4, < 6)
    minitest-rg (5.1.0)
      minitest (~> 5.0)
    mocha (1.1.0)
      metaclass (~> 0.0.1)
    multi_json (1.10.1)
    multi_xml (0.5.5)
    nenv (0.1.1)
    parser (2.2.0.1)
      ast (>= 1.1, < 3.0)
      slop (~> 3.4, >= 3.4.5)
    powerpack (0.0.9)
    pry (0.10.1)
      coderay (~> 1.1.0)
      method_source (~> 0.8.1)
      slop (~> 3.4)
    pry-byebug (2.0.0)
      byebug (~> 3.4)
      pry (~> 0.10)
    rainbow (2.0.0)
    rake (10.4.2)
    rb-fsevent (0.9.4)
    rb-inotify (0.9.5)
      ffi (>= 0.5.0)
    retryable (2.0.0)
    rubocop (0.28.0)
      astrolabe (~> 1.3)
      parser (>= 2.2.0.pre.7, < 3.0)
      powerpack (~> 0.0.6)
      rainbow (>= 1.99.1, < 3.0)
      ruby-progressbar (~> 1.4)
    ruby-progressbar (1.7.1)
    slop (3.6.0)
    thor (0.19.1)
    timers (4.0.1)
      hitimes

PLATFORMS
  ruby

DEPENDENCIES
  awesome_print
  bundler (~> 1.6)
  ehonda!
  guard
  guard-minitest
  guard-rubocop
  minitest
  minitest-focus
  minitest-rg
  mocha
  pry-byebug
  rake
  shoryuken!
